GEM
  remote: http://rubygems.org/
  remote: http://gems.github.com/
  specs:
    activemodel (3.0.3)
      activesupport (= 3.0.3)
      builder (~> 2.1.2)
      i18n (~> 0.4)
    activerecord (3.0.3)
      activemodel (= 3.0.3)
      activesupport (= 3.0.3)
      arel (~> 2.0.2)
      tzinfo (~> 0.3.23)
    activesupport (3.0.3)
    arel (2.0.4)
    builder (2.1.2)
    enumerated_attribute (0.2.16)
      meta_programming (>= 0.2.1)
    git (1.2.5)
    i18n (0.4.2)
    jeweler (1.5.1)
      bundler (~> 1.0.0)
      git (>= 1.2.5)
      rake
    meta_programming (0.2.2)
    rake (0.8.7)
    rcov (0.9.9)
    text-highlight (1.0.2)
    tzinfo (0.3.23)
    yard (0.6.3)

PLATFORMS
  ruby

DEPENDENCIES
  activerecord (>= 3.0.0)
  activesupport (>= 3.0.0)
  bundler (~> 1.0.0)
  enumerated_attribute
  jeweler (~> 1.5.1)
  rcov
  text-highlight
  yard (~> 0.6.0)

METADATA
  version: 1.0.6
